GEM
  remote: https://rubygems.org/
  specs:
    rake (13.2.1)

PLATFORMS
  aarch64-linux-gnu
  aarch64-linux-musl
  arm-linux-gnu
  arm-linux-musl
  arm64-darwin
  x86_64-darwin
  x86_64-linux-gnu
  x86_64-linux-musl

DEPENDENCIES
  rake (~> 13.2)

BUNDLED WITH
   2.6.2
